GEM
  remote: http://rubygems.org/
  specs:
    capistrano (2.5.19)
      highline
      net-scp (>= 1.0.0)
      net-sftp (>= 2.0.0)
      net-ssh (>= 2.0.14)
      net-ssh-gateway (>= 1.0.0)
    hashie (0.1.3)
    highline (1.6.1)
    kgio (1.3.1)
    net-scp (1.0.4)
      net-ssh (>= 1.99.1)
    net-sftp (2.0.5)
      net-ssh (>= 2.0.9)
    net-ssh (2.0.23)
    net-ssh-gateway (1.0.1)
      net-ssh (>= 1.99.1)
    oauth (0.4.4)
    rack (1.0.1)
    unicorn (2.0.0)
      kgio (~> 1.3.1)
      rack

PLATFORMS
  ruby

DEPENDENCIES
  capistrano
  hashie (= 0.1.3)
  oauth
  rack (= 1.0.1)
  unicorn (= 2.0.0)
